PATH
  remote: .
  specs:
    lrd_rack_bug (0.3.1.2)
      sqlite3 (~> 1.3.3)
      uuid (~> 2.3.1)

GEM
  remote: http://lrdesign:quiS6Nef@gems.lrdesign.com/
  remote: http://gemcutter.org/
  remote: http://gems.github.com/
  specs:
    diff-lcs (1.1.3)
    macaddr (1.5.0)
      systemu (>= 2.4.0)
    rspec (2.7.0)
      rspec-core (~> 2.7.0)
      rspec-expectations (~> 2.7.0)
      rspec-mocks (~> 2.7.0)
    rspec-core (2.7.1)
    rspec-expectations (2.7.0)
      diff-lcs (~> 1.1.2)
    rspec-mocks (2.7.0)
    sqlite3 (1.3.4)
    systemu (2.4.1)
    uuid (2.3.4)
      macaddr (~> 1.0)

PLATFORMS
  ruby

DEPENDENCIES
  lrd_rack_bug!
  rspec
